GEM
  remote: https://rubygems.org/
  specs:
    ffi (1.9.0)
    ffi (1.9.0-x86-mingw32)
    listen (1.2.2)
      rb-fsevent (>= 0.9.3)
      rb-inotify (>= 0.9)
      rb-kqueue (>= 0.2)
    pg (0.16.0)
    pg (0.16.0-x86-mingw32)
    rb-fsevent (0.9.3)
    rb-inotify (0.9.0)
      ffi (>= 0.5.0)
    rb-kqueue (0.2.0)
      ffi (>= 0.5.0)
    sequel (4.0.0)
    starting_blocks (0.0.31)
      listen (>= 1.0)

PLATFORMS
  ruby
  x86-mingw32

DEPENDENCIES
  pg
  sequel
  starting_blocks
